GIT
  remote: git://github.com/zrsmith75/defstruct.git
  revision: e0fc3722aa9e7035a83d7407367dbf9ef947036c
  specs:
    defstruct (0.0.1)

GEM
  remote: https://rubygems.org/
  specs:
    gosu (0.10.8)

PLATFORMS
  ruby

DEPENDENCIES
  defstruct!
  gosu (~> 0.10.7)

BUNDLED WITH
   1.11.2
